RESTRICTION: >= net40
NUGET
  remote: https://www.nuget.org/api/v2
    Newtonsoft.Json (10.0.3)
    NUnit (3.8.1)
